GEM
  remote: https://rubygems.org/
  specs:
    awesome_print (1.8.0)
    concurrent-ruby (1.1.6)
    diff-lcs (1.3)
    dotenv (2.7.5)
    graphql (1.10.10)
    hanami-api (0.1.1)
      hanami-router (~> 2.0.alpha)
    hanami-controller (1.3.3)
      hanami-utils (~> 1.3)
      rack (~> 2.0)
    hanami-router (2.0.0.alpha3)
      mustermann (~> 1.0)
      mustermann-contrib (~> 1.0)
      rack (~> 2.0)
    hanami-utils (1.3.6)
      concurrent-ruby (~> 1.0)
      transproc (~> 1.0)
    hansi (0.2.0)
    mustermann (1.1.1)
      ruby2_keywords (~> 0.0.1)
    mustermann-contrib (1.1.1)
      hansi (~> 0.2.0)
      mustermann (= 1.1.1)
    nio4r (2.5.2)
    pg (1.2.3)
    puma (4.3.5)
      nio4r (~> 2.0)
    rack (2.2.2)
    rake (13.0.1)
    rspec (3.9.0)
      rspec-core (~> 3.9.0)
      rspec-expectations (~> 3.9.0)
      rspec-mocks (~> 3.9.0)
    rspec-core (3.9.2)
      rspec-support (~> 3.9.3)
    rspec-expectations (3.9.2)
      diff-lcs (>= 1.2.0, < 2.0)
      rspec-support (~> 3.9.0)
    rspec-mocks (3.9.1)
      diff-lcs (>= 1.2.0, < 2.0)
      rspec-support (~> 3.9.0)
    rspec-support (3.9.3)
    ruby2_keywords (0.0.2)
    sequel (5.32.0)
    sequel-seed (1.1.2)
      sequel (>= 4.49.0)
    shotgun (0.9.2)
      rack (>= 1.0)
    transproc (1.1.1)

PLATFORMS
  ruby

DEPENDENCIES
  awesome_print
  dotenv (~> 2.7.5)
  graphql (~> 1.10.10)
  hanami-api (~> 0.1.1)
  hanami-controller (~> 1.3.3)
  pg (~> 1.2.3)
  puma (~> 4.3.0)
  rake (~> 13.0.1)
  rspec
  sequel (~> 5.32.0)
  sequel-seed (~> 1.1.2)
  shotgun

BUNDLED WITH
   2.1.2
